GEM
  remote: http://rubygems.org/
  specs:
    addressable (2.5.2)
      public_suffix (>= 2.0.2, < 4.0)
    appium_lib (9.4.7)
      awesome_print (~> 1.7)
      json (>= 1.8)
      nokogiri (~> 1.6, >= 1.6.6)
      selenium-webdriver (>= 3.0.4, <= 3.4)
      tomlrb (~> 1.1)
    awesome_print (1.7.0)
    axlsx (2.0.1)
      htmlentities (~> 4.3.1)
      nokogiri (>= 1.4.1)
      rubyzip (~> 1.0.0)
    builder (3.2.3)
    bundler-unload (1.0.2)
    childprocess (0.7.0)
      ffi (~> 1.0, >= 1.0.11)
    cucumber (2.4.0)
      builder (>= 2.1.2)
      cucumber-core (~> 1.5.0)
      cucumber-wire (~> 0.0.1)
      diff-lcs (>= 1.1.3)
      gherkin (~> 4.0)
      multi_json (>= 1.7.5, < 2.0)
      multi_test (>= 0.1.2)
    cucumber-core (1.5.0)
      gherkin (~> 4.0)
    cucumber-wire (0.0.1)
    debase (0.2.2.beta9)
      debase-ruby_core_source
    debase-ruby_core_source (0.9.9)
    declarative (0.0.10)
    declarative-option (0.1.0)
    deep_merge (1.1.1)
    did_you_mean (1.1.0)
    diff-lcs (1.3)
    executable-hooks (1.3.2)
    faraday (0.13.1)
      multipart-post (>= 1.2, < 3)
    ffi (1.9.18)
    gem-wrappers (1.2.7)
    gherkin (4.1.3)
    google-api-client (0.13.6)
      addressable (~> 2.5, >= 2.5.1)
      googleauth (~> 0.5)
      httpclient (>= 2.8.1, < 3.0)
      mime-types (~> 3.0)
      representable (~> 3.0)
      retriable (>= 2.0, < 4.0)
    google_drive (2.1.7)
      google-api-client (>= 0.11.0, < 0.14.0)
      googleauth (>= 0.5.0, < 1.0.0)
      nokogiri (>= 1.5.3, < 2.0.0)
    googleauth (0.6.2)
      faraday (~> 0.12)
      jwt (>= 1.4, < 3.0)
      logging (~> 2.0)
      memoist (~> 0.12)
      multi_json (~> 1.11)
      os (~> 0.9)
      signet (~> 0.7)
    htmlentities (4.3.4)
    httpclient (2.8.3)
    json (2.0.2)
    jwt (2.1.0)
    liquid (4.0.0)
    little-plugger (1.1.4)
    logging (2.2.2)
      little-plugger (~> 1.1)
      multi_json (~> 1.10)
    memoist (0.16.0)
    mime-types (3.1)
      mime-types-data (~> 3.2015)
    mime-types-data (3.2016.0521)
    mini_portile2 (2.2.0)
    minitest (5.10.1)
    multi_json (1.12.1)
    multi_test (0.1.2)
    multipart-post (2.0.0)
    nokogiri (1.8.0)
      mini_portile2 (~> 2.2.0)
    os (0.9.6)
    parallel (1.12.1)
    parallel_tests (2.7.0)
      parallel
    power_assert (0.4.1)
    public_suffix (3.0.1)
    rake (12.0.0)
    representable (3.0.4)
      declarative (< 0.1.0)
      declarative-option (< 0.2.0)
      uber (< 0.2.0)
    retriable (3.1.1)
    ruby-debug-ide (0.6.1.beta4)
      rake (>= 0.8.1)
    ruby-ole (1.2.12.1)
    rubygems-bundler (1.4.4)
      bundler-unload (>= 1.0.2)
      executable-hooks (>= 1.3.2)
    rubyzip (1.0.0)
    selenium-webdriver (3.4.0)
      childprocess (~> 0.5)
      rubyzip (~> 1.0)
      websocket (~> 1.0)
    signet (0.8.1)
      addressable (~> 2.3)
      faraday (~> 0.9)
      jwt (>= 1.5, < 3.0)
      multi_json (~> 1.10)
    spreadsheet (1.1.4)
      ruby-ole (>= 1.0)
    test-unit (3.2.3)
      power_assert
    tomlrb (1.2.4)
    uber (0.1.0)
    websocket (1.2.4)
    xmlrpc (0.2.1)

PLATFORMS
  ruby

DEPENDENCIES
  appium_lib (= 9.4.7)
  axlsx (= 2.0.1)
  builder (= 3.2.3)
  bundler-unload (= 1.0.2)
  childprocess (= 0.7.0)
  cucumber (= 2.4.0)
  debase (= 0.2.2.beta9)
  debase-ruby_core_source (= 0.9.9)
  deep_merge (= 1.1.1)
  did_you_mean (= 1.1.0)
  diff-lcs (= 1.3)
  executable-hooks (= 1.3.2)
  ffi (= 1.9.18)
  gem-wrappers (= 1.2.7)
  gherkin (= 4.1.3)
  google_drive (= 2.1.7)
  htmlentities (= 4.3.4)
  json (= 2.0.2)
  liquid (= 4.0.0)
  mini_portile2 (= 2.2.0)
  minitest (= 5.10.1)
  multi_json (= 1.12.1)
  multi_test (= 0.1.2)
  nokogiri (= 1.8.0)
  os (= 0.9.6)
  parallel_tests (= 2.7.0)
  rake (= 12.0.0)
  ruby-debug-ide (= 0.6.1.beta4)
  ruby-ole (= 1.2.12.1)
  rubygems-bundler (= 1.4.4)
  rubyzip (= 1.0.0)
  selenium-webdriver (= 3.4.0)
  spreadsheet (= 1.1.4)
  test-unit (= 3.2.3)
  tomlrb (= 1.2.4)
  websocket (= 1.2.4)
  xmlrpc (= 0.2.1)

BUNDLED WITH
   1.16.1
